GEM
  remote: https://rubygems.org/
  remote: https://packagecloud.io/avvo/gems/
  specs:
    avro (1.10.1)
      multi_json (~> 1)
    avvo_kafka (0.1.4)
      avro
      faraday
      ruby-kafka (~> 1.2)
    daemons (1.3.1)
    digest-crc (0.6.2)
      rake (~> 12.0)
    eventmachine (1.2.7)
    faraday (1.1.0)
      multipart-post (>= 1.2, < 3)
      ruby2_keywords
    haml (5.2.1)
      temple (>= 0.8.0)
      tilt
    multi_json (1.15.0)
    multipart-post (2.1.1)
    mustermann (1.1.1)
      ruby2_keywords (~> 0.0.1)
    rack (2.2.3)
    rack-protection (2.1.0)
      rack
    rake (12.3.3)
    ruby-kafka (1.3.0)
      digest-crc
    ruby2_keywords (0.0.2)
    sinatra (2.1.0)
      mustermann (~> 1.0)
      rack (~> 2.2)
      rack-protection (= 2.1.0)
      tilt (~> 2.0)
    temple (0.8.2)
    thin (1.8.0)
      daemons (~> 1.0, >= 1.0.9)
      eventmachine (~> 1.0, >= 1.0.4)
      rack (>= 1, < 3)
    tilt (2.0.10)

PLATFORMS
  ruby

DEPENDENCIES
  avvo_kafka (= 0.1.4)!
  haml!
  sinatra!
  thin!

BUNDLED WITH
   2.1.4
